GIT
  remote: https://github.com/chetan/jeweler.git
  revision: 41062abfc55dc1f5775d6419c796fd1c8756fc7b
  branch: bixby
  specs:
    jeweler (1.8.4)
      bundler (~> 1.0)
      git (>= 1.2.5)
      rake
      rdoc

GEM
  remote: http://rubygems.org/
  specs:
    ansi (1.4.3)
    awesome_print (1.1.0)
    coderay (1.0.9)
    colorize (0.5.8)
    columnize (0.3.6)
    debugger (1.5.0)
      columnize (>= 0.3.1)
      debugger-linecache (~> 1.2.0)
      debugger-ruby_core_source (~> 1.2.0)
    debugger-linecache (1.2.0)
    debugger-pry (0.1.1)
      debugger (~> 1)
      pry (>= 0.9.9)
    debugger-ruby_core_source (1.2.0)
    ffi (1.8.1)
    formatador (0.2.4)
    git (1.2.5)
    growl (1.0.3)
    guard (1.8.0)
      formatador (>= 0.2.4)
      listen (>= 1.0.0)
      lumberjack (>= 1.0.2)
      pry (>= 0.9.10)
      thor (>= 0.14.6)
    hirb (0.7.1)
    json (1.7.7)
    listen (1.0.3)
      rb-fsevent (>= 0.9.3)
      rb-inotify (>= 0.9)
      rb-kqueue (>= 0.2)
    lumberjack (1.0.3)
    method_source (0.8.1)
    multi_json (1.7.3)
    pry (0.9.12.1)
      coderay (~> 1.0.5)
      method_source (~> 0.8)
      slop (~> 3.4)
    rake (10.0.4)
    rb-fchange (0.0.6)
      ffi
    rb-fsevent (0.9.3)
    rb-inotify (0.9.0)
      ffi (>= 0.5.0)
    rb-kqueue (0.2.0)
      ffi (>= 0.5.0)
    rdoc (4.0.1)
      json (~> 1.4)
    simplecov (0.7.1)
      multi_json (~> 1.0)
      simplecov-html (~> 0.7.1)
    simplecov-console (0.1.1)
      colorize
      hirb
      simplecov
    simplecov-html (0.7.1)
    single_test (0.5.2)
      rake (> 0.9)
    slop (3.4.4)
    thor (0.18.1)
    turn (0.9.6)
      ansi

PLATFORMS
  ruby

DEPENDENCIES
  awesome_print
  bundler
  debugger
  debugger-pry
  growl
  guard
  jeweler!
  rb-fchange
  rb-fsevent
  rb-inotify
  simplecov
  simplecov-console
  single_test
  turn
