GEM
  remote: http://rubygems.org/
  specs:
    awesome_print (1.1.0)
    colorize (0.5.8)
    git (1.2.5)
    growl (1.0.3)
    guard (1.4.0)
      listen (>= 0.4.2)
      thor (>= 0.14.6)
    hirb (0.7.0)
    jeweler (1.8.4)
      bundler (~> 1.0)
      git (>= 1.2.5)
      rake
      rdoc
    json (1.7.5)
    listen (0.5.3)
    multi_json (1.3.6)
    rake (0.9.2.2)
    rdoc (3.12)
      json (~> 1.4)
    simplecov (0.6.4)
      multi_json (~> 1.0)
      simplecov-html (~> 0.5.3)
    simplecov-html (0.5.3)
    thor (0.16.0)

PLATFORMS
  ruby

DEPENDENCIES
  awesome_print
  bundler (~> 1.2.0)
  colorize
  growl
  guard
  hirb
  jeweler (~> 1.8.4)
  simplecov
